PATH
  remote: .
  specs:
    newegg-api (0.0.7)
      faraday (~> 0.8)
      json (~> 1.7)

GEM
  remote: https://rubygems.org/
  specs:
    diff-lcs (1.1.3)
    fakeweb (1.3.0)
    faraday (0.8.4)
      multipart-post (~> 1.1)
    json (1.7.5)
    multi_json (1.4.0)
    multipart-post (1.1.5)
    rspec (2.12.0)
      rspec-core (~> 2.12.0)
      rspec-expectations (~> 2.12.0)
      rspec-mocks (~> 2.12.0)
    rspec-core (2.12.1)
    rspec-expectations (2.12.0)
      diff-lcs (~> 1.1.3)
    rspec-mocks (2.12.0)
    simplecov (0.7.1)
      multi_json (~> 1.0)
      simplecov-html (~> 0.7.1)
    simplecov-html (0.7.1)

PLATFORMS
  ruby
  x86-mingw32

DEPENDENCIES
  fakeweb (~> 1.3)
  newegg-api!
  rspec (~> 2.11)
  simplecov
